PATH
  remote: .
  specs:
    scf (0.1.0)
      csv
      faraday
      methadone (~> 2.0.2)
      mocha

GEM
  remote: https://rubygems.org/
  specs:
    csv (3.1.1)
    diff-lcs (1.3)
    faraday (0.15.4)
      multipart-post (>= 1.2, < 3)
    metaclass (0.0.4)
    methadone (2.0.2)
      bundler
    mocha (1.8.0)
      metaclass (~> 0.0.1)
    multipart-post (2.1.1)
    power_assert (1.1.4)
    rake (13.0.1)
    rdoc (6.1.1)
    rspec (3.8.0)
      rspec-core (~> 3.8.0)
      rspec-expectations (~> 3.8.0)
      rspec-mocks (~> 3.8.0)
    rspec-core (3.8.0)
      rspec-support (~> 3.8.0)
    rspec-expectations (3.8.3)
      diff-lcs (>= 1.2.0, < 2.0)
      rspec-support (~> 3.8.0)
    rspec-mocks (3.8.0)
      diff-lcs (>= 1.2.0, < 2.0)
      rspec-support (~> 3.8.0)
    rspec-support (3.8.0)
    test-unit (3.3.3)
      power_assert

PLATFORMS
  ruby

DEPENDENCIES
  bundler (~> 2.0)
  rake (~> 13.0)
  rdoc
  rspec (~> 3.0)
  scf!
  test-unit

BUNDLED WITH
   2.0.1
